GEM
  remote: http://rubygems.org/
  specs:
    coderay (1.0.8)
    ffi (1.1.5)
    method_source (0.8.1)
    mime-types (1.19)
    oj (1.4.3)
    pry (0.9.10)
      coderay (~> 1.0.5)
      method_source (~> 0.8)
      slop (~> 3.3.1)
    slop (3.3.3)
    typhoeus (0.4.2)
      ffi (~> 1.0)
      mime-types (~> 1.18)

PLATFORMS
  ruby

DEPENDENCIES
  oj
  pry
  typhoeus
