GEM
  remote: http://rubygems.org/
  specs:
    coderay (1.0.8)
    ethon (0.5.7)
      ffi (~> 1.2.0)
      mime-types (~> 1.18)
    ffi (1.2.1)
    httparty (0.10.2)
      multi_json (~> 1.0)
      multi_xml (>= 0.5.2)
    method_source (0.8.1)
    mime-types (1.20.1)
    multi_json (1.5.0)
    multi_xml (0.5.3)
    nokogiri (1.5.6)
    oj (2.0.3)
    pry (0.9.11.4)
      coderay (~> 1.0.5)
      method_source (~> 0.8)
      slop (~> 3.4)
    sequel (3.44.0)
    slop (3.4.3)
    snoo (0.1.1)
      httparty
      nokogiri
    sqlite3 (1.3.7)
    typhoeus (0.5.4)
      ethon (~> 0.5.7)

PLATFORMS
  ruby

DEPENDENCIES
  nokogiri
  oj
  pry
  sequel
  snoo
  sqlite3
  typhoeus
