GEM
  remote: http://rubygems.org/
  specs:
    coderay (1.0.8)
    ffi (1.1.5)
    httparty (0.9.0)
      multi_json (~> 1.0)
      multi_xml
    method_source (0.8.1)
    mime-types (1.19)
    multi_json (1.3.6)
    multi_xml (0.5.1)
    nokogiri (1.5.5)
    oj (1.4.3)
    pry (0.9.10)
      coderay (~> 1.0.5)
      method_source (~> 0.8)
      slop (~> 3.3.1)
    sequel (3.40.0)
    slop (3.3.3)
    snoo (0.0.7)
      httparty
      nokogiri
    sqlite3 (1.3.6)
    typhoeus (0.4.2)
      ffi (~> 1.0)
      mime-types (~> 1.18)

PLATFORMS
  ruby

DEPENDENCIES
  nokogiri
  oj
  pry
  sequel
  snoo
  sqlite3
  typhoeus
